STORAGE: NONE
NUGET
  remote: https://api.nuget.org/v3/index.json
    Microsoft.Bcl.AsyncInterfaces (9.0) - restriction: || (>= net462) (&& (>= netstandard2.0) (< netstandard2.1))
      System.Threading.Tasks.Extensions (>= 4.5.4) - restriction: || (>= net462) (&& (>= netstandard2.0) (< netstandard2.1))
    Microsoft.Extensions.Configuration (9.0) - restriction: || (&& (< net462) (< netstandard2.0)) (>= net8.0)
      Microsoft.Extensions.Configuration.Abstractions (>= 9.0)
      Microsoft.Extensions.Primitives (>= 9.0)
    Microsoft.Extensions.Configuration.Abstractions (9.0)
      Microsoft.Extensions.Primitives (>= 9.0) - restriction: || (>= net462) (>= netstandard2.0)
      System.ValueTuple (>= 4.5) - restriction: >= net462
    Microsoft.Extensions.Configuration.Binder (9.0)
      Microsoft.Extensions.Configuration.Abstractions (>= 9.0) - restriction: || (>= net462) (>= netstandard2.0)
    Microsoft.Extensions.DependencyInjection (9.0)
      Microsoft.Bcl.AsyncInterfaces (>= 9.0) - restriction: || (>= net462) (&& (>= netstandard2.0) (< netstandard2.1))
      Microsoft.Extensions.DependencyInjection.Abstractions (>= 9.0) - restriction: || (>= net462) (>= netstandard2.0)
      System.Threading.Tasks.Extensions (>= 4.5.4) - restriction: || (>= net462) (&& (>= netstandard2.0) (< netstandard2.1))
    Microsoft.Extensions.DependencyInjection.Abstractions (9.0)
      Microsoft.Bcl.AsyncInterfaces (>= 9.0) - restriction: || (>= net462) (&& (>= netstandard2.0) (< netstandard2.1))
      System.Threading.Tasks.Extensions (>= 4.5.4) - restriction: || (>= net462) (&& (>= netstandard2.0) (< netstandard2.1))
    Microsoft.Extensions.Diagnostics (9.0) - restriction: || (&& (< net462) (< netstandard2.0)) (>= net8.0)
      Microsoft.Extensions.Configuration (>= 9.0)
      Microsoft.Extensions.Diagnostics.Abstractions (>= 9.0)
      Microsoft.Extensions.Options.ConfigurationExtensions (>= 9.0)
    Microsoft.Extensions.Diagnostics.Abstractions (9.0) - restriction: || (&& (< net462) (< netstandard2.0)) (>= net8.0)
      Microsoft.Extensions.DependencyInjection.Abstractions (>= 9.0) - restriction: || (>= net462) (>= netstandard2.0)
      Microsoft.Extensions.Options (>= 9.0) - restriction: || (>= net462) (>= netstandard2.0)
      System.Diagnostics.DiagnosticSource (>= 9.0) - restriction: || (>= net462) (>= netstandard2.0)
    Microsoft.Extensions.Http (9.0)
      Microsoft.Extensions.Configuration.Abstractions (>= 9.0)
      Microsoft.Extensions.DependencyInjection.Abstractions (>= 9.0)
      Microsoft.Extensions.Diagnostics (>= 9.0) - restriction: || (&& (< net462) (< netstandard2.0)) (>= net8.0)
      Microsoft.Extensions.Logging (>= 9.0)
      Microsoft.Extensions.Logging.Abstractions (>= 9.0)
      Microsoft.Extensions.Options (>= 9.0)
    Microsoft.Extensions.Logging (9.0)
      Microsoft.Bcl.AsyncInterfaces (>= 9.0) - restriction: || (>= net462) (&& (>= netstandard2.0) (< netstandard2.1))
      Microsoft.Extensions.DependencyInjection (>= 9.0)
      Microsoft.Extensions.Logging.Abstractions (>= 9.0)
      Microsoft.Extensions.Options (>= 9.0)
      System.Diagnostics.DiagnosticSource (>= 9.0) - restriction: || (>= net462) (&& (< net8.0) (>= netstandard2.1)) (&& (>= netstandard2.0) (< netstandard2.1))
      System.ValueTuple (>= 4.5) - restriction: >= net462
    Microsoft.Extensions.Logging.Abstractions (9.0)
      Microsoft.Extensions.DependencyInjection.Abstractions (>= 9.0) - restriction: || (>= net462) (>= netstandard2.0)
      System.Buffers (>= 4.5.1) - restriction: || (>= net462) (&& (< net8.0) (>= netstandard2.0))
      System.Diagnostics.DiagnosticSource (>= 9.0) - restriction: || (>= net462) (>= netstandard2.0)
      System.Memory (>= 4.5.5) - restriction: || (>= net462) (&& (< net8.0) (>= netstandard2.0))
    Microsoft.Extensions.Options (9.0)
      Microsoft.Extensions.DependencyInjection.Abstractions (>= 9.0) - restriction: || (>= net462) (>= netstandard2.0)
      Microsoft.Extensions.Primitives (>= 9.0) - restriction: || (>= net462) (>= netstandard2.0)
      System.ComponentModel.Annotations (>= 5.0) - restriction: || (&& (< net462) (>= netstandard2.0) (< netstandard2.1)) (&& (< net8.0) (>= netstandard2.1))
      System.ValueTuple (>= 4.5) - restriction: >= net462
    Microsoft.Extensions.Options.ConfigurationExtensions (9.0) - restriction: || (&& (< net462) (< netstandard2.0)) (>= net8.0)
      Microsoft.Extensions.Configuration.Abstractions (>= 9.0)
      Microsoft.Extensions.Configuration.Binder (>= 9.0)
      Microsoft.Extensions.DependencyInjection.Abstractions (>= 9.0)
      Microsoft.Extensions.Options (>= 9.0)
      Microsoft.Extensions.Primitives (>= 9.0)
    Microsoft.Extensions.Primitives (9.0)
      System.Memory (>= 4.5.5) - restriction: || (>= net462) (&& (< net8.0) (>= netstandard2.0))
      System.Runtime.CompilerServices.Unsafe (>= 6.0) - restriction: || (>= net462) (&& (< net8.0) (>= netstandard2.0))
    System.Buffers (4.6) - restriction: || (>= net462) (&& (< net8.0) (>= netstandard2.0)) (&& (< netcoreapp2.1) (>= netstandard2.0))
    System.ComponentModel.Annotations (5.0) - restriction: || (&& (< net462) (>= netstandard2.0) (< netstandard2.1)) (&& (< net8.0) (>= netstandard2.1))
    System.Diagnostics.DiagnosticSource (9.0) - restriction: || (>= net462) (>= netstandard2.0)
      System.Memory (>= 4.5.5) - restriction: || (>= net462) (&& (< net8.0) (>= netstandard2.0))
      System.Runtime.CompilerServices.Unsafe (>= 6.0) - restriction: || (>= net462) (&& (< net8.0) (>= netstandard2.0))
    System.Memory (4.6) - restriction: || (>= net462) (&& (< net8.0) (>= netstandard2.0))
      System.Buffers (>= 4.6) - restriction: || (>= net462) (&& (< netcoreapp2.1) (>= netstandard2.0))
      System.Numerics.Vectors (>= 4.6) - restriction: || (>= net462) (&& (< netcoreapp2.1) (>= netstandard2.0))
      System.Runtime.CompilerServices.Unsafe (>= 6.1) - restriction: || (>= net462) (&& (< netcoreapp2.1) (>= netstandard2.0))
    System.Numerics.Vectors (4.6) - restriction: || (>= net462) (&& (< netcoreapp2.1) (>= netstandard2.0))
    System.Runtime.CompilerServices.Unsafe (6.1) - restriction: || (>= net462) (&& (< net8.0) (>= netstandard2.0)) (&& (< netcoreapp2.1) (>= netstandard2.0))
    System.Threading.Tasks.Extensions (4.6) - restriction: || (>= net462) (&& (>= netstandard2.0) (< netstandard2.1))
      System.Runtime.CompilerServices.Unsafe (>= 6.1) - restriction: || (>= net462) (&& (< netcoreapp2.1) (>= netstandard2.0))
    System.ValueTuple (4.5) - restriction: >= net462
